GIT
  remote: https://github.com/cloudfoundry/container_tools.git
  revision: 4cf1b80a98754ea3888cc6436e741ff022c0964f
  specs:
    container_tools (0.1)
      em-warden-client

GIT
  remote: https://github.com/cloudfoundry/vcap-common.git
  revision: cc1d06f746cba7215497fc05c32ad175c819b726
  specs:
    vcap_common (2.2.2)
      addressable (~> 2.2)
      em-http-request (~> 1.0)
      eventmachine
      httpclient
      membrane (~> 0.0.2)
      mime-types
      multipart-post
      nats (~> 0.4.24)
      posix-spawn (~> 0.3.6)
      squash_ruby
      steno
      thin
      uuidtools
      vmstat (~> 2.0)
      yajl-ruby

GIT
  remote: https://github.com/cloudfoundry/warden.git
  revision: 48fa0bf6fb28960894dfd62a9ef78bf94adf02e4
  specs:
    em-warden-client (0.1.1)
      eventmachine
      warden-client
      warden-protocol (>= 0.0.9)
    warden-client (0.1.0)
      warden-protocol (~> 0.1.0)
    warden-protocol (0.1.3)
      beefcake

GIT
  remote: https://github.com/intridea/grape.git
  revision: 1029e0fce76b2957b1a4c1a0c3a89897046ef3d8
  specs:
    grape (0.4.2)
      activesupport
      builder
      hashie (>= 1.2.0)
      multi_json (>= 1.3.2)
      multi_xml (>= 0.5.2)
      rack (>= 1.3.0)
      rack-accept
      rack-mount
      virtus

GEM
  remote: https://rubygems.org/
  specs:
    activesupport (3.2.13)
      i18n (= 0.6.1)
      multi_json (~> 1.0)
    addressable (2.3.5)
    archive-tar-minitar (0.5.2)
    backports (3.3.1)
    beefcake (0.3.7)
    builder (3.0.0)
    chef (11.0.0)
      erubis
      highline (>= 1.6.9)
      json (>= 1.4.4, <= 1.6.1)
      mixlib-authentication (>= 1.3.0)
      mixlib-cli (~> 1.3.0)
      mixlib-config (>= 1.1.2)
      mixlib-log (>= 1.3.0)
      mixlib-shellout
      net-ssh (~> 2.2.2)
      net-ssh-multi (~> 1.1.0)
      ohai (>= 0.6.0)
      rest-client (>= 1.0.4, < 1.7.0)
      yajl-ruby (~> 1.1)
    ci_reporter (1.7.0)
      builder (>= 2.1.2)
    columnize (0.3.6)
    cookiejar (0.3.0)
    crack (0.4.1)
      safe_yaml (~> 0.9.0)
    daemons (1.1.9)
    debugger (1.6.0)
      columnize (>= 0.3.1)
      debugger-linecache (~> 1.2.0)
      debugger-ruby_core_source (~> 1.2.1)
    debugger-linecache (1.2.0)
    debugger-ruby_core_source (1.2.3)
    descendants_tracker (0.0.1)
    diff-lcs (1.2.4)
    em-http-request (1.0.3)
      addressable (>= 2.2.3)
      cookiejar
      em-socksify
      eventmachine (>= 1.0.0.beta.4)
      http_parser.rb (>= 0.5.3)
    em-socksify (0.2.1)
      eventmachine (>= 1.0.0.beta.4)
    erubis (2.7.0)
    eventmachine (1.0.3)
    eventmachine (1.0.3-x86-mingw32)
    ffi (1.0.11)
    fluent-logger (0.4.5)
      msgpack (= 0.4.7)
      yajl-ruby (~> 1.0)
    foreman (0.61.0)
      thor (>= 0.13.6)
    foreman (0.61.0-x86-mingw32)
      thor (>= 0.13.6)
      win32console (~> 1.3.0)
    hashie (2.0.5)
    highline (1.6.15)
    http_parser.rb (0.5.3)
    http_parser.rb (0.5.3-x86-mingw32)
    httpclient (2.3.3)
    i18n (0.6.1)
    ipaddress (0.8.0)
    json (1.5.5)
    json_pure (1.8.0)
    librarian (0.0.26)
      archive-tar-minitar (>= 0.5.2)
      chef (>= 0.10)
      highline
      thor (~> 0.15)
    loggregator_emitter (2.0.0)
      beefcake (~> 0.3.7)
    membrane (0.0.2)
    mime-types (1.23)
    mixlib-authentication (1.3.0)
      mixlib-log
    mixlib-cli (1.3.0)
    mixlib-config (1.1.2)
    mixlib-log (1.4.1)
    mixlib-shellout (1.1.0)
    mixlib-shellout (1.1.0-x86-mingw32)
      win32-process (~> 0.6.5)
    msgpack (0.4.7)
    msgpack (0.4.7-x86-mingw32)
    multi_json (1.7.6)
    multi_xml (0.5.4)
    multipart-post (1.2.0)
    nats (0.4.26)
      daemons (>= 1.1.5)
      eventmachine (>= 0.12.10)
      json_pure (>= 1.7.3)
      thin (>= 1.4.1)
    net-ssh (2.2.2)
    net-ssh-gateway (1.1.0)
      net-ssh (>= 1.99.1)
    net-ssh-multi (1.1)
      net-ssh (>= 2.1.4)
      net-ssh-gateway (>= 0.99.0)
    nokogiri (1.5.6)
    nokogiri (1.5.6-x86-mingw32)
    ohai (6.16.0)
      ipaddress
      mixlib-cli
      mixlib-config
      mixlib-log
      mixlib-shellout
      systemu
      yajl-ruby
    patron (0.4.18)
    posix-spawn (0.3.6)
    rack (1.5.2)
    rack-accept (0.4.5)
      rack (>= 0.4)
    rack-mount (0.8.3)
      rack (>= 1.0.0)
    rack-protection (1.4.0)
      rack
    rack-test (0.6.1)
      rack (>= 1.0)
    rake (10.0.3)
    rcov (0.9.11)
    rest-client (1.6.7)
      mime-types (>= 1.16)
    rspec (2.14.1)
      rspec-core (~> 2.14.0)
      rspec-expectations (~> 2.14.0)
      rspec-mocks (~> 2.14.0)
    rspec-core (2.14.7)
    rspec-expectations (2.14.3)
      diff-lcs (>= 1.1.3, < 2.0)
    rspec-mocks (2.14.4)
    rubyzip (0.9.9)
    safe_yaml (0.9.7)
    sinatra (1.3.5)
      rack (~> 1.4)
      rack-protection (~> 1.3)
      tilt (~> 1.3, >= 1.3.3)
    squash_ruby (1.2.2)
      json
    steno (1.2.2)
      fluent-logger
      grape
      yajl-ruby (~> 1.0)
    steno (1.2.2-x86-mingw32)
      fluent-logger
      grape
      win32-eventlog
      yajl-ruby (~> 1.0)
    sys-filesystem (1.0.0)
      ffi (>= 1.0.0)
    sys-filesystem (1.0.0-x86-mingw32)
      windows-pr (>= 1.0.5)
    systemu (2.5.2)
    thin (1.5.1)
      daemons (>= 1.0.9)
      eventmachine (>= 0.12.6)
      rack (>= 1.0.0)
    thor (0.15.4)
    tilt (1.3.4)
    timecop (0.6.1)
    uuidtools (2.1.3)
    virtus (0.5.5)
      backports (~> 3.3)
      descendants_tracker (~> 0.0.1)
    vmstat (2.0.0)
    webmock (1.15.2)
      addressable (>= 2.2.7)
      crack (>= 0.3.2)
    win32-api (1.5.0-x86-mingw32)
    win32-eventlog (0.5.3)
      windows-pr (>= 0.9.3)
    win32-process (0.6.6)
      windows-pr (>= 1.2.2)
    win32console (1.3.2-x86-mingw32)
    windows-api (0.4.2)
      win32-api (>= 1.4.5)
    windows-pr (1.2.2)
      win32-api (>= 1.4.5)
      windows-api (>= 0.3.0)
    yajl-ruby (1.1.0)
    yajl-ruby (1.1.0-x86-mingw32)

PLATFORMS
  ruby
  x86-mingw32

DEPENDENCIES
  ci_reporter
  container_tools!
  debugger
  em-http-request
  em-warden-client!
  eventmachine
  foreman
  grape!
  librarian
  loggregator_emitter (~> 2.0)
  nats
  net-ssh
  nokogiri (>= 1.4.4)
  patron
  rack
  rack-test
  rake
  rcov
  rspec
  rubyzip
  sinatra
  steno
  sys-filesystem
  thin
  timecop
  uuidtools (~> 2.1.2)
  vcap_common!
  vmstat
  warden-client!
  warden-protocol!
  webmock
  yajl-ruby
