GIT
  remote: https://github.com/cloudfoundry/steno.git
  revision: 5c68aa048c50ee0cf56253a2700ec711aff8f762
  specs:
    steno (1.0.2)
      grape
      yajl-ruby (~> 1.0)

GIT
  remote: https://github.com/cloudfoundry/vcap-common.git
  revision: 0082ef626d47e30bab2ab83577226208f75462f3
  specs:
    vcap_common (2.0.8)
      em-http-request (~> 1.0.0.beta3)
      eventmachine
      httpclient
      membrane (~> 0.0.2)
      mime-types
      multipart-post
      nats (~> 0.4.24)
      posix-spawn (~> 0.3.6)
      thin
      yajl-ruby

GIT
  remote: https://github.com/cloudfoundry/warden.git
  revision: 4c1bb04f863f565be8ed8181e25758145ac739b4
  specs:
    em-warden-client (0.1.1)
      eventmachine
      warden-client
      warden-protocol (>= 0.0.9)
    warden-client (0.0.7)
      warden-protocol
    warden-protocol (0.0.10)
      beefcake

GIT
  remote: https://github.com/intridea/grape.git
  revision: 03fe2d56a92ecb90870c3c713de31f46b79f3845
  specs:
    grape (0.2.1)
      hashie (~> 1.2)
      multi_json (>= 1.3.2)
      multi_xml
      rack
      rack-mount
      virtus

GEM
  remote: https://rubygems.org/
  specs:
    addressable (2.3.2)
    backports (2.6.4)
    beefcake (0.3.7)
    builder (3.0.0)
    ci_reporter (1.7.0)
      builder (>= 2.1.2)
    cookiejar (0.3.0)
    daemons (1.1.9)
    diff-lcs (1.1.3)
    em-http-request (1.0.3)
      addressable (>= 2.2.3)
      cookiejar
      em-socksify
      eventmachine (>= 1.0.0.beta.4)
      http_parser.rb (>= 0.5.3)
    em-socksify (0.2.1)
      eventmachine (>= 1.0.0.beta.4)
    eventmachine (1.0.0)
    ffi (1.0.11)
    hashie (1.2.0)
    http_parser.rb (0.5.3)
    httpclient (2.2.7)
    json_pure (1.7.5)
    membrane (0.0.2)
    mime-types (1.19)
    multi_json (1.3.6)
    multi_xml (0.5.1)
    multipart-post (1.1.5)
    nats (0.4.26)
      daemons (>= 1.1.5)
      eventmachine (>= 0.12.10)
      json_pure (>= 1.7.3)
      thin (>= 1.4.1)
    posix-spawn (0.3.6)
    rack (1.4.1)
    rack-mount (0.8.3)
      rack (>= 1.0.0)
    rack-test (0.6.1)
      rack (>= 1.0)
    rake (0.9.2.2)
    rcov (0.9.11)
    rspec (2.11.0)
      rspec-core (~> 2.11.0)
      rspec-expectations (~> 2.11.0)
      rspec-mocks (~> 2.11.0)
    rspec-core (2.11.0)
    rspec-expectations (2.11.1)
      diff-lcs (~> 1.1.3)
    rspec-mocks (2.11.1)
    schemata-dea (0.0.1.beta11)
      membrane
      vcap_common
      yajl-ruby
    schemata-router (0.0.1.beta6)
      membrane
      yajl-ruby
    sys-filesystem (1.0.0)
      ffi (>= 1.0.0)
    thin (1.5.0)
      daemons (>= 1.0.9)
      eventmachine (>= 0.12.6)
      rack (>= 1.0.0)
    virtus (0.5.2)
      backports (~> 2.6.1)
    yajl-ruby (1.1.0)

PLATFORMS
  ruby

DEPENDENCIES
  ci_reporter
  em-http-request
  em-warden-client!
  eventmachine
  grape!
  nats
  rack
  rack-test
  rake
  rcov
  rspec
  schemata-dea (= 0.0.1.beta11)
  schemata-router (= 0.0.1.beta6)
  steno!
  sys-filesystem
  thin
  vcap_common!
  warden-client!
  warden-protocol!
  yajl-ruby
