GIT
  remote: git://github.com/cloudfoundry/common.git
  revision: 3f6636fca4fcba81c85db74ff647e15ed3743a81
  ref: 3f6636fca4fc
  specs:
    em-posix-spawn (0.1.0)
      eventmachine
      posix-spawn
    vcap_logging (1.0.2)
      rake

GIT
  remote: git://github.com/cloudfoundry/eventmachine.git
  revision: 2806c630d8631d5dcf9fb2555f665b829052aabe
  branch: release-0.12.11-cf
  specs:
    eventmachine (0.12.11.cloudfoundry.3)

GIT
  remote: git://github.com/cloudfoundry/vcap-common.git
  revision: 9673dcedf0c2daf46e3592a8f9b30538c5dc7b56
  ref: 9673dced
  specs:
    vcap_common (1.0.8)
      eventmachine (~> 0.12.11.cloudfoundry.3)
      nats (~> 0.4.22.beta.8)
      posix-spawn (~> 0.3.6)
      thin (~> 1.3.1)
      yajl-ruby (~> 0.8.3)

GIT
  remote: git://github.com/cloudfoundry/warden.git
  revision: 1df76f804578ce7299abf235bd6b64085e523b92
  ref: 1df76f804
  specs:
    em-warden-client (0.0.1)
      eventmachine
      yajl-ruby

GEM
  remote: http://rubygems.org/
  specs:
    addressable (2.2.8)
    builder (3.0.0)
    ci_reporter (1.7.0)
      builder (>= 2.1.2)
    daemons (1.1.8)
    diff-lcs (1.1.3)
    em-http-request (1.0.0.beta.3)
      addressable (>= 2.2.3)
      em-socksify
      eventmachine
      http_parser.rb (>= 0.5.1)
    em-socksify (0.1.0)
      eventmachine
    http_parser.rb (0.5.3)
    json_pure (1.7.3)
    nats (0.4.24)
      daemons (>= 1.1.5)
      eventmachine (>= 0.12.10)
      json_pure (>= 1.7.3)
      thin (>= 1.3.1)
    posix-spawn (0.3.6)
    rack (1.4.1)
    rake (0.9.2.2)
    rspec (2.10.0)
      rspec-core (~> 2.10.0)
      rspec-expectations (~> 2.10.0)
      rspec-mocks (~> 2.10.0)
    rspec-core (2.10.1)
    rspec-expectations (2.10.0)
      diff-lcs (~> 1.1.3)
    rspec-mocks (2.10.1)
    thin (1.3.1)
      daemons (>= 1.0.9)
      eventmachine (>= 0.12.6)
      rack (>= 1.0.0)
    yajl-ruby (0.8.3)

PLATFORMS
  ruby

DEPENDENCIES
  bundler (>= 1.0.10)
  ci_reporter
  em-http-request (~> 1.0.0.beta.3)
  em-posix-spawn!
  em-warden-client!
  eventmachine!
  nats
  rack
  rake
  rspec
  thin
  vcap_common (~> 1.0.8)!
  vcap_logging!
  yajl-ruby
