GIT
  remote: https://github.com/cloudfoundry/common.git
  revision: 3f6636fca4fcba81c85db74ff647e15ed3743a81
  ref: 3f6636fc
  specs:
    em-posix-spawn (0.1.0)
      eventmachine
      posix-spawn

GIT
  remote: https://github.com/cloudfoundry/eventmachine.git
  revision: 2806c630d8631d5dcf9fb2555f665b829052aabe
  branch: release-0.12.11-cf
  specs:
    eventmachine (0.12.11.cloudfoundry.3)

GIT
  remote: https://github.com/cloudfoundry/steno.git
  revision: 4dc656d211113a8070f6b70bec994d40fc5a49f3
  specs:
    steno (0.0.14)
      grape
      yajl-ruby

GIT
  remote: https://github.com/cloudfoundry/vcap-common.git
  revision: 5334b662238f14ed2ddbb80f524dcf8cdd0eaadf
  ref: 5334b662
  specs:
    vcap_common (2.0.0)
      eventmachine
      membrane
      nats (~> 0.4.22.beta.8)
      posix-spawn (~> 0.3.6)
      thin (~> 1.3.1)
      yajl-ruby (~> 0.8.3)

GIT
  remote: https://github.com/cloudfoundry/warden.git
  revision: 72fa69ea5b18671a367879032d7e38a5e5eabb8c
  ref: 72fa69ea
  specs:
    em-warden-client (0.1.0)
      eventmachine
      warden-client
      warden-protocol
    warden-client (0.0.6)
      warden-protocol
    warden-protocol (0.0.5)
      beefcake

GEM
  remote: https://rubygems.org/
  specs:
    addressable (2.2.8)
    beefcake (0.3.7)
    daemons (1.1.8)
    diff-lcs (1.1.3)
    em-http-request (1.0.0.beta.3)
      addressable (>= 2.2.3)
      em-socksify
      eventmachine
      http_parser.rb (>= 0.5.1)
    em-socksify (0.1.0)
      eventmachine
    grape (0.2.1)
      hashie (~> 1.2)
      multi_json
      multi_xml
      rack
      rack-mount
    hashie (1.2.0)
    http_parser.rb (0.5.3)
    json_pure (1.7.3)
    membrane (0.0.1)
    multi_json (1.3.6)
    multi_xml (0.5.1)
    nats (0.4.24)
      daemons (>= 1.1.5)
      eventmachine (>= 0.12.10)
      json_pure (>= 1.7.3)
      thin (>= 1.3.1)
    posix-spawn (0.3.6)
    rack (1.4.1)
    rack-mount (0.8.3)
      rack (>= 1.0.0)
    rack-test (0.6.1)
      rack (>= 1.0)
    rake (0.9.2.2)
    rspec (2.11.0)
      rspec-core (~> 2.11.0)
      rspec-expectations (~> 2.11.0)
      rspec-mocks (~> 2.11.0)
    rspec-core (2.11.0)
    rspec-expectations (2.11.1)
      diff-lcs (~> 1.1.3)
    rspec-mocks (2.11.1)
    thin (1.3.1)
      daemons (>= 1.0.9)
      eventmachine (>= 0.12.6)
      rack (>= 1.0.0)
    yajl-ruby (0.8.3)

PLATFORMS
  ruby

DEPENDENCIES
  em-http-request (~> 1.0.0.beta.3)
  em-posix-spawn!
  em-warden-client!
  eventmachine!
  nats
  rack
  rack-test
  rake
  rspec
  steno!
  thin
  vcap_common!
  warden-client!
  warden-protocol!
  yajl-ruby
